GEM
  remote: http://rubygems.org/
  specs:
    coffee-script (2.1.1)
      coffee-script-source
    coffee-script-source (1.0.0)
    configuration (1.2.0)
    guard (0.3.0)
      open_gem (~> 1.4.2)
      thor (~> 0.14.6)
    guard-coffeescript (0.1.7)
      coffee-script (~> 2.1.1)
      guard (~> 0.3.0)
    guard-shell (0.1.1)
      guard (>= 0.2.0)
    launchy (0.3.7)
      configuration (>= 0.0.5)
      rake (>= 0.8.1)
    open_gem (1.4.2)
      launchy (~> 0.3.5)
    rake (0.8.7)
    thor (0.14.6)

PLATFORMS
  ruby

DEPENDENCIES
  guard
  guard-coffeescript
  guard-shell
